{
	"Manufacturer": "Siemens",
	"ManufacturersModelName": "MAGNETOM",
	"AcquisitionNumber": 1,
	"InstitutionName": "NIH",
	"InstitutionAddress": "Bethesa",
	"DeviceSerialNumber": "NA",
	"SoftwareVersions": "VB17",
	"ProcedureStepDescription": "Mara_32CH_Konrt.",
	"ScanningSequence": "MP2RAGE",
	"SequenceVariant": "from_Kenny",
	"SeriesDescription": "0.5mm",
	"ProtocolName": "0.5mm",
	"SequenceName": "_keine Ahnung",
	"ImageType": ["ORIGINAL", "PRIMARY", "M", "ND", "NORM"],
	"AcquisitionTime": "16:42:12.032500",
	"MagneticFieldStrength": 7,
	"FlipAngle": 4,
	"EchoTime": 0.0025,
	"RepetitionTime": 8,
	"InversionTime": 0.9,
	"PhaseEncodingLines": 380,
	"AccelFactPE": 2,
	"PhaseEncodingDirection": "i-",
	"ConversionSoftware": "isisconv",
	"ConversionSoftwareVersion": "2016"
}
